GEM
  remote: https://rubygems.org/
  specs:
    ansi (1.4.3)
    backports (3.1.1)
    coderay (1.0.9)
    columnize (0.3.6)
    debugger (1.4.0)
      columnize (>= 0.3.1)
      debugger-linecache (~> 1.1.1)
      debugger-ruby_core_source (~> 1.2.0)
    debugger-linecache (1.1.2)
      debugger-ruby_core_source (>= 1.1.1)
    debugger-ruby_core_source (1.2.0)
    erubis (2.7.0)
    eventmachine (1.0.3)
    guard (1.6.2)
      listen (>= 0.6.0)
      lumberjack (>= 1.0.2)
      pry (>= 0.9.10)
      terminal-table (>= 1.4.3)
      thor (>= 0.14.6)
    guard-minitest (0.5.0)
      guard (>= 0.4)
    listen (0.7.3)
    lumberjack (1.0.2)
    method_source (0.8.1)
    minitest (4.6.2)
    pry (0.9.12)
      coderay (~> 1.0.5)
      method_source (~> 0.8)
      slop (~> 3.4)
    rack (1.5.2)
    rack-protection (1.4.0)
      rack
    rack-test (0.6.2)
      rack (>= 1.0)
    rb-fsevent (0.9.3)
    sinatra (1.3.5)
      rack (~> 1.4)
      rack-protection (~> 1.3)
      tilt (~> 1.3, >= 1.3.3)
    sinatra-contrib (1.3.2)
      backports (>= 2.0)
      eventmachine
      rack-protection
      rack-test
      sinatra (~> 1.3.0)
      tilt (~> 1.3)
    slop (3.4.3)
    terminal-notifier-guard (1.5.3)
    terminal-table (1.4.5)
    thor (0.17.0)
    tilt (1.3.5)
    turn (0.9.6)
      ansi

PLATFORMS
  ruby

DEPENDENCIES
  ansi
  debugger
  erubis
  guard
  guard-minitest
  minitest
  rb-fsevent (~> 0.9.1)
  sinatra
  sinatra-contrib
  terminal-notifier-guard
  turn
